PATH
  remote: .
  specs:
    facebook_ads (0.1.5)
      hashie (~> 3.4)
      rest-client (>= 1.6)

GEM
  remote: https://rubygems.org/
  specs:
    addressable (2.4.0)
    awesome_print (1.7.0)
    coderay (1.1.1)
    coveralls (0.8.15)
      json (>= 1.8, < 3)
      simplecov (~> 0.12.0)
      term-ansicolor (~> 1.3)
      thor (~> 0.19.1)
      tins (>= 1.6.0, < 2)
    crack (0.4.3)
      safe_yaml (~> 1.0.0)
    docile (1.1.5)
    hashdiff (0.3.0)
    hashie (3.4.6)
    json (1.8.3)
    method_source (0.8.2)
    mime-types (1.25.1)
    minitest (5.10.1)
    pry (0.10.4)
      coderay (~> 1.1.0)
      method_source (~> 0.8.1)
      slop (~> 3.4)
    rake (11.3.0)
    rest-client (1.6.9)
      mime-types (~> 1.16)
    safe_yaml (1.0.4)
    simplecov (0.12.0)
      docile (~> 1.1.0)
      json (>= 1.8, < 3)
      simplecov-html (~> 0.10.0)
    simplecov-html (0.10.0)
    slop (3.6.0)
    term-ansicolor (1.4.0)
      tins (~> 1.0)
    thor (0.19.1)
    tins (1.12.0)
    vcr (3.0.3)
    webmock (2.1.0)
      addressable (>= 2.3.6)
      crack (>= 0.3.2)
      hashdiff

PLATFORMS
  ruby

DEPENDENCIES
  awesome_print (~> 1.7)
  coveralls
  facebook_ads!
  minitest
  pry (~> 0.10)
  rake
  vcr
  webmock

BUNDLED WITH
   1.13.6
